GEM
  remote: https://rubygems.org/
  specs:
    builder (3.2.4)
    concurrent-ruby (1.1.9)
    highline (2.0.3)
    i18n (1.8.10)
      concurrent-ruby (~> 1.0)
    money (6.16.0)
      i18n (>= 0.6.4, <= 2)
    power_assert (2.0.0)
    test-unit (3.4.4)
      power_assert

PLATFORMS
  ruby

DEPENDENCIES
  builder
  highline
  money
  test-unit

BUNDLED WITH
   1.17.3
